GEM
  remote: https://rubygems.org/
  specs:
    backports (2.6.5)
    daemons (1.1.9)
    dotenv (0.8.0)
    eventmachine (1.0.0)
    foreman (0.63.0)
      dotenv (>= 0.7)
      thor (>= 0.13.6)
    rack (1.4.1)
    rack-protection (1.3.2)
      rack
    rack-rewrite (1.2.1)
    rack-test (0.6.2)
      rack (>= 1.0)
    sinatra (1.3.3)
      rack (~> 1.3, >= 1.3.6)
      rack-protection (~> 1.2)
      tilt (~> 1.3, >= 1.3.3)
    sinatra-contrib (1.3.2)
      backports (>= 2.0)
      eventmachine
      rack-protection
      rack-test
      sinatra (~> 1.3.0)
      tilt (~> 1.3)
    thin (1.5.1)
      daemons (>= 1.0.9)
      eventmachine (>= 0.12.6)
      rack (>= 1.0.0)
    thor (0.18.1)
    tilt (1.3.3)

PLATFORMS
  ruby

DEPENDENCIES
  foreman
  rack-rewrite (~> 1.2.1)
  sinatra
  sinatra-contrib
  thin
